PATH
  remote: .
  specs:
    advent_of_ruby (0.3.2)
      benchmark (~> 0.4)
      debug (~> 1.0)
      dotenv (~> 3.0)
      faraday (~> 2.0)
      faraday-retry (~> 2.0)
      pastel (~> 0.8)
      redcarpet (~> 3.0)
      reverse_markdown (~> 2.0)
      rspec (~> 3.0)
      thor (~> 1.0)
      vcr (~> 6.0)
      yaml (~> 0.4.0)

GEM
  remote: https://rubygems.org/
  specs:
    base64 (0.2.0)
    benchmark (0.4.0)
    debug (1.9.2)
      irb (~> 1.10)
      reline (>= 0.3.8)
    diff-lcs (1.5.1)
    dotenv (3.1.2)
    faraday (2.12.0)
      faraday-net_http (>= 2.0, < 3.4)
      json
      logger
    faraday-net_http (3.3.0)
      net-http
    faraday-retry (2.2.1)
      faraday (~> 2.0)
    io-console (0.7.2)
    irb (1.14.1)
      rdoc (>= 4.0.0)
      reline (>= 0.4.2)
    json (2.7.2)
    logger (1.6.1)
    mini_portile2 (2.8.8)
    net-http (0.4.1)
      uri
    nokogiri (1.16.7)
      mini_portile2 (~> 2.8.2)
      racc (~> 1.4)
    pastel (0.8.0)
      tty-color (~> 0.5)
    psych (5.1.2)
      stringio
    racc (1.8.1)
    rdoc (6.7.0)
      psych (>= 4.0.0)
    redcarpet (3.6.1)
    reline (0.5.10)
      io-console (~> 0.5)
    reverse_markdown (2.1.1)
      nokogiri
    rspec (3.13.0)
      rspec-core (~> 3.13.0)
      rspec-expectations (~> 3.13.0)
      rspec-mocks (~> 3.13.0)
    rspec-core (3.13.1)
      rspec-support (~> 3.13.0)
    rspec-expectations (3.13.3)
      diff-lcs (>= 1.2.0, < 2.0)
      rspec-support (~> 3.13.0)
    rspec-mocks (3.13.2)
      diff-lcs (>= 1.2.0, < 2.0)
      rspec-support (~> 3.13.0)
    rspec-support (3.13.1)
    stringio (3.1.1)
    thor (1.3.2)
    tty-color (0.6.0)
    uri (0.13.1)
    vcr (6.3.1)
      base64
    yaml (0.4.0)

PLATFORMS
  aarch64-linux
  arm-linux
  arm64-darwin
  x86-linux
  x86_64-darwin
  x86_64-linux

DEPENDENCIES
  advent_of_ruby!

RUBY VERSION
   ruby 3.4.1p0

BUNDLED WITH
   2.5.15
